GEM
  remote: http://rubygems.org/
  specs:
    chronic (0.9.0)
    coderay (1.1.0)
    couchrest (1.1.3)
      mime-types (~> 1.15)
      multi_json (~> 1.0)
      rest-client (~> 1.6.1)
    method_source (0.8.2)
    mime-types (1.19)
    multi_json (1.5.0)
    pry (0.9.12.6)
      coderay (~> 1.0)
      method_source (~> 0.8)
      slop (~> 3.4)
    rest-client (1.6.7)
      mime-types (>= 1.16)
    slop (3.5.0)

PLATFORMS
  ruby

DEPENDENCIES
  chronic
  couchrest
  pry
